GEM
  remote: http://rubygems.org/
  specs:
    activemodel (4.2.4)
      activesupport (= 4.2.4)
      builder (~> 3.1)
    activerecord (4.2.4)
      activemodel (= 4.2.4)
      activesupport (= 4.2.4)
      arel (~> 6.0)
    activesupport (4.2.4)
      i18n (~> 0.7)
      json (~> 1.7, >= 1.7.7)
      minitest (~> 5.1)
      thread_safe (~> 0.3, >= 0.3.4)
      tzinfo (~> 1.1)
    ansi (1.5.0)
    arel (6.0.3)
    builder (3.2.2)
    byebug (3.5.1)
      columnize (~> 0.8)
      debugger-linecache (~> 1.2)
      slop (~> 3.6)
    columnize (0.9.0)
    commander (4.3.5)
      highline (~> 1.7.2)
    debugger-linecache (1.2.0)
    highline (1.7.3)
    i18n (0.7.0)
    json (1.8.3)
    macaddr (1.7.1)
      systemu (~> 2.6.2)
    mercenary (0.3.5)
    mini_portile (0.6.2)
    minitest (5.8.0)
    nokogiri (1.6.6.2-x64-mingw32)
      mini_portile (~> 0.6.0)
    rake (10.4.2)
    rubyzip (1.1.7)
    rufus-mnemo (1.2.3)
    slop (3.6.0)
    sqlite3 (1.3.10-x64-mingw32)
    systemu (2.6.5)
    thread_safe (0.3.5)
    tzinfo (1.2.2)
      thread_safe (~> 0.1)
    uuid (2.3.8)
      macaddr (~> 1.0)
    win32console (1.3.2)

PLATFORMS
  x64-mingw32

DEPENDENCIES
  activerecord (~> 4.2.3)
  ansi (~> 1.5.0)
  byebug (= 3.5.1)
  commander (~> 4.3.4)
  json (~> 1.8.3)
  mercenary (~> 0.3.5)
  minitest (~> 5.8.0)
  nokogiri (~> 1.6.5)
  rake (~> 10.4.2)
  rubyzip (~> 1.1.6)
  rufus-mnemo (~> 1.2.3)
  sqlite3 (~> 1.3.10)
  uuid (~> 2.3.8)
  win32console (~> 1.3.2)
